GEM
  remote: https://rubygems.org/
  specs:
    abstract_type (0.0.7)
    activesupport (3.2.21)
      i18n (~> 0.6, >= 0.6.4)
      multi_json (~> 1.0)
    adamantium (0.2.0)
      ice_nine (~> 0.11.0)
      memoizable (~> 0.4.0)
    ast (2.0.0)
    astrolabe (1.3.0)
      parser (>= 2.2.0.pre.3, < 3.0)
    bacon (1.2.0)
    bubble-wrap (1.7.1)
      bubble-wrap-http (= 1.7.1)
    bubble-wrap-http (1.7.1)
    builder (3.2.2)
    cdq (1.0.2)
      motion-yaml
      ruby-xcdm (~> 0.0, >= 0.0.8)
    colored (1.2)
    concord (0.1.5)
      adamantium (~> 0.2.0)
      equalizer (~> 0.0.9)
    diff-lcs (1.2.5)
    equalizer (0.0.10)
    flog (4.3.2)
      ruby_parser (~> 3.1, > 3.1.0)
      sexp_processor (~> 4.4)
    i18n (0.7.0)
    ib (0.7.2)
      thor (~> 0.15.4)
      tilt (~> 1.4.1)
      xcodeproj (~> 0.17)
    ice_nine (0.11.1)
    memoizable (0.4.2)
      thread_safe (~> 0.3, >= 0.3.1)
    motion-bundler (0.2.1)
      thor
    motion-require (0.2.0)
    motion-stump (0.3.2)
    motion-support (0.2.6)
      motion-require (>= 0.0.6)
    motion-yaml (1.4)
    multi_json (1.11.0)
    parser (2.2.0.3)
      ast (>= 1.1, < 3.0)
    plist (3.1.0)
    powerpack (0.1.0)
    procto (0.0.2)
    rainbow (2.0.0)
    rake (10.4.2)
    reek (2.0.2)
      parser (~> 2.2)
      rainbow (~> 2.0)
      require_all (~> 1.3)
      unparser (~> 0.2.2)
    require_all (1.3.2)
    rspec (3.1.0)
      rspec-core (~> 3.1.0)
      rspec-expectations (~> 3.1.0)
      rspec-mocks (~> 3.1.0)
    rspec-core (3.1.7)
      rspec-support (~> 3.1.0)
    rspec-expectations (3.1.2)
      diff-lcs (>= 1.2.0, < 2.0)
      rspec-support (~> 3.1.0)
    rspec-mocks (3.1.3)
      rspec-support (~> 3.1.0)
    rspec-support (3.1.2)
    rubocop (0.29.1)
      astrolabe (~> 1.3)
      parser (>= 2.2.0.1, < 3.0)
      powerpack (~> 0.1)
      rainbow (>= 1.99.1, < 3.0)
      ruby-progressbar (~> 1.4)
    ruby-progressbar (1.7.1)
    ruby-xcdm (0.0.8)
      activesupport (~> 3.2)
      builder (~> 3.2)
      plist (~> 3.1)
    ruby_parser (3.6.5)
      sexp_processor (~> 4.1)
    sexp_processor (4.5.0)
    thor (0.15.4)
    thread_safe (0.3.5)
    tilt (1.4.1)
    unparser (0.2.2)
      abstract_type (~> 0.0.7)
      adamantium (~> 0.2.0)
      concord (~> 0.1.5)
      diff-lcs (~> 1.2.5)
      equalizer (~> 0.0.9)
      parser (~> 2.2.0.2)
      procto (~> 0.0.2)
    xcodeproj (0.24.0)
      activesupport (>= 3)
      colored (~> 1.2)

PLATFORMS
  ruby

DEPENDENCIES
  bacon
  bubble-wrap
  cdq
  flog
  ib (= 0.7.2)
  motion-bundler
  motion-stump
  motion-support
  rake
  reek
  rspec
  rubocop
